GEM
  remote: http://rubygems.org/
  specs:
    simple-rss (1.2.3)

PLATFORMS
  java

DEPENDENCIES
  simple-rss
